GEM
  remote: https://rubygems.org/
  specs:
    racc (1.4.9)
    rex (1.0.2)
    terrun (1.0.0)
    test-unit (2.5.4)

PLATFORMS
  ruby
  x86-mingw32

DEPENDENCIES
  racc
  rex
  terrun
  test-unit
