GEM
  remote: http://rubygems.org/
  specs:
    racc (1.4.9)
    rex (1.0.2)
    test-unit (2.5.4)

PLATFORMS
  ruby

DEPENDENCIES
  racc
  rex
  test-unit
