GEM
  remote: http://rubygems.org/
  specs:
    racc (1.4.9)
    rex (1.0.2)
    terrun (1.0.0)
    test-unit (2.5.4)
    wstrip (1.0.0)
      terrun

PLATFORMS
  ruby

DEPENDENCIES
  racc
  rex
  terrun
  test-unit
  wstrip
